PATH
  remote: .
  specs:
    rmultimarkdown (6.4.0.4)
      bundler

GEM
  remote: https://rubygems.org/
  specs:
    power_assert (1.1.0)
    rake (12.1.0)
    rdoc (5.1.0)
    test-unit (3.2.5)
      power_assert

PLATFORMS
  ruby

DEPENDENCIES
  rake
  rdoc
  rmultimarkdown!
  test-unit

BUNDLED WITH
   1.17.1
